GEM
  remote: https://rubygems.org/
  specs:
    sorbet (0.4.5036)
      sorbet-static (= 0.4.5036)
    sorbet-runtime (0.4.5036)
    sorbet-static (0.4.5036-universal-darwin-14)

PLATFORMS
  ruby

DEPENDENCIES
  sorbet
  sorbet-runtime

RUBY VERSION
   ruby 2.3.8p459

BUNDLED WITH
   1.17.3
