GEM
  remote: https://rubygems.org/
  specs:
    dalli (2.7.10)
    redis (4.1.2)
    sorbet (0.4.4653)
      sorbet-static (= 0.4.4653)
    sorbet-runtime (0.4.4653)
    sorbet-static (0.4.4653-universal-darwin-14)

PLATFORMS
  ruby

DEPENDENCIES
  dalli
  redis
  sorbet
  sorbet-runtime

RUBY VERSION
   ruby 2.6.3p62

BUNDLED WITH
   1.17.3
